GEM
  remote: https://rubygems.org/
  specs:
    thor (0.19.1)
    wml_action (0.0.4)
      thor

PLATFORMS
  ruby

DEPENDENCIES
  wml_action

BUNDLED WITH
   1.11.2
